GIT
  remote: git://github.com/libgit2/rugged.git
  revision: 2612c4a12061349fd0a9ccf5d1ac6557e7c993e6
  submodules: true
  specs:
    rugged (0.25.0b1)

GEM
  specs:
    sqlite3 (1.3.11-x86-mingw32)

PLATFORMS
  x86-mingw32

DEPENDENCIES
  rugged!
  sqlite3

BUNDLED WITH
   1.11.2
